{"Modality":"MR","MagneticFieldStrength":3,"Manufacturer":"Siemens","ManufacturersModelName":"Prisma","InstitutionName":"University_of_Toronto","InstitutionalDepartmentName":"Department","InstitutionAddress":"Huron_325_TORONTO_ONTARIO_CA_M5S_3G3","DeviceSerialNumber":"66108","StationName":"AWP66108","BodyPartExamined":"BRAIN","PatientPosition":"HFS","ProcedureStepDescription":"Barense_Allie","SoftwareVersions":"syngo_MR_E11","MRAcquisitionType":"2D","SeriesDescription":"ep2d_bold_run1","ProtocolName":"ep2d_bold_run1","ScanningSequence":"EP","SequenceVariant":"SK","ScanOptions":"PFP_FS","SequenceName":"_epfid2d1_78","ImageType":["ORIGINAL","PRIMARY","M","ND","NORM","MOSAIC"],"SeriesNumber":7,"AcquisitionTime":"13:40:32.052500","AcquisitionNumber":1,"SliceThickness":2.7,"SpacingBetweenSlices":2.7,"SAR":0.0563,"EchoTime":0.029,"RepetitionTime":1,"FlipAngle":50,"PartialFourier":0.875,"BaseResolution":78,"ShimSetting":[-1031,-7005,-6429,157,-146,-94,19,-54],"TxRefAmp":280.564,"PhaseResolution":1,"ReceiveCoilName":"Head_32","ReceiveCoilActiveElements":"HEA;HEP","PulseSequenceDetails":"%SiemensSeq%_ep2d_bold","ConsistencyInfo":"N4_VE11C_LATEST_20160120","MultibandAccelerationFactor":4,"PercentPhaseFOV":100,"EchoTrainLength":68,"PhaseEncodingSteps":68,"AcquisitionMatrixPE":78,"ReconMatrixPE":78,"BandwidthPerPixelPhaseEncode":26.164,"EffectiveEchoSpacing":0.0005,"DerivedVendorReportedEchoSpacing":0.0005,"TotalReadoutTime":0.0377,"PixelBandwidth":2565,"DwellTime":2.5e-06,"PhaseEncodingDirection":"j-","SliceTiming":[0.4575,0,0.5225,0.0675,0.59,0.1325,0.655,0.1975,0.72,0.2625,0.785,0.3275,0.85,0.3925,0.915,0.4575,0,0.5225,0.0675,0.59,0.1325,0.655,0.1975,0.72,0.2625,0.785,0.3275,0.85,0.3925,0.915,0.4575,0,0.5225,0.0675,0.59,0.1325,0.655,0.1975,0.72,0.2625,0.785,0.3275,0.85,0.3925,0.915,0.4575,0,0.5225,0.0675,0.59,0.1325,0.655,0.1975,0.72,0.2625,0.785,0.3275,0.85,0.3925,0.915],"ImageOrientationPatientDICOM":[0.9958,0.043,0.0807,-0.0661,0.9481,0.3111],"InPlanePhaseEncodingDirectionDICOM":"COL","ConversionSoftware":"dcm2niix","ConversionSoftwareVersion":"v1.0.20171215 (OpenJPEG build) GCC7.3.0","TaskName":"videos"}
