{"Modality":"MR","MagneticFieldStrength":3,"Manufacturer":"Siemens","ManufacturersModelName":"Prisma","InstitutionName":"University_of_Toronto","InstitutionalDepartmentName":"Department","InstitutionAddress":"Huron_325_TORONTO_ONTARIO_CA_M5S_3G3","DeviceSerialNumber":"66108","StationName":"AWP66108","BodyPartExamined":"BRAIN","PatientPosition":"HFS","ProcedureStepDescription":"Barense_Allie","SoftwareVersions":"syngo_MR_E11","MRAcquisitionType":"2D","SeriesDescription":"ep2d_bold_run2","ProtocolName":"ep2d_bold_run2","ScanningSequence":"EP","SequenceVariant":"SK","ScanOptions":"PFP_FS","SequenceName":"_epfid2d1_78","ImageType":["ORIGINAL","PRIMARY","M","ND","NORM","MOSAIC"],"SeriesNumber":8,"AcquisitionTime":"11:45:9.710000","AcquisitionNumber":1,"SliceThickness":2.7,"SpacingBetweenSlices":2.7,"SAR":0.0575,"EchoTime":0.029,"RepetitionTime":1,"FlipAngle":50,"PartialFourier":0.875,"BaseResolution":78,"ShimSetting":[-1007,-7058,-6341,500,21,-125,48,-51],"TxRefAmp":237.565,"PhaseResolution":1,"ReceiveCoilName":"Head_32","ReceiveCoilActiveElements":"HEA;HEP","PulseSequenceDetails":"%SiemensSeq%_ep2d_bold","ConsistencyInfo":"N4_VE11C_LATEST_20160120","MultibandAccelerationFactor":4,"PercentPhaseFOV":100,"EchoTrainLength":68,"PhaseEncodingSteps":68,"AcquisitionMatrixPE":78,"ReconMatrixPE":78,"BandwidthPerPixelPhaseEncode":26.164,"EffectiveEchoSpacing":0.0005,"DerivedVendorReportedEchoSpacing":0.0005,"TotalReadoutTime":0.0377,"PixelBandwidth":2565,"DwellTime":2.5e-06,"PhaseEncodingDirection":"j-","SliceTiming":[0.4575,0,0.5225,0.065,0.5875,0.13,0.6525,0.195,0.7175,0.26,0.7825,0.325,0.8475,0.3925,0.915,0.4575,0,0.5225,0.065,0.5875,0.13,0.6525,0.195,0.7175,0.26,0.7825,0.325,0.8475,0.3925,0.915,0.4575,0,0.5225,0.065,0.5875,0.13,0.6525,0.195,0.7175,0.26,0.7825,0.325,0.8475,0.3925,0.915,0.4575,0,0.5225,0.065,0.5875,0.13,0.6525,0.195,0.7175,0.26,0.7825,0.325,0.8475,0.3925,0.915],"ImageOrientationPatientDICOM":[0.9959,0.0378,0.0826,-0.0784,0.8167,0.5717],"InPlanePhaseEncodingDirectionDICOM":"COL","ConversionSoftware":"dcm2niix","ConversionSoftwareVersion":"v1.0.20171215 (OpenJPEG build) GCC7.3.0","TaskName":"videos"}
