{
	"Modality": "MR",
	"MagneticFieldStrength": 3,
	"Manufacturer": "Siemens",
	"ManufacturersModelName": "Prisma",
	"InstitutionName": "University_of_Toronto",
	"InstitutionalDepartmentName": "Department",
	"InstitutionAddress": "Huron_325_TORONTO_ONTARIO_CA_M5S_3G3",
	"DeviceSerialNumber": "66108",
	"StationName": "AWP66108",
	"BodyPartExamined": "BRAIN",
	"PatientPosition": "HFS",
	"ProcedureStepDescription": "Barense_Allie",
	"SoftwareVersions": "syngo_MR_E11",
	"MRAcquisitionType": "2D",
	"SeriesDescription": "gre_field_mapping",
	"ProtocolName": "gre_field_mapping",
	"ScanningSequence": "GR",
	"SequenceVariant": "SP",
	"SequenceName": "_fm2d2r",
	"ImageType": ["ORIGINAL", "PRIMARY", "M", "ND"],
	"SeriesNumber": 12,
	"AcquisitionTime": "14:25:19.052500",
	"AcquisitionNumber": 1,
	"SliceThickness": 2.7,
	"SpacingBetweenSlices": 2.7,
	"SAR": 0.0769549,
	"EchoNumber": 2,
	"EchoTime": 0.00738,
	"RepetitionTime": 0.592,
	"FlipAngle": 45,
	"PartialFourier": 1,
	"BaseResolution": 78,
	"ShimSetting": [
		-1022,
		-7023,
		-6439,
		223,
		-45,
		-99,
		20,
		-26	],
	"TxRefAmp": 234.292,
	"PhaseResolution": 1,
	"ReceiveCoilName": "Head_32",
	"ReceiveCoilActiveElements": "HEA;HEP",
	"PulseSequenceDetails": "%SiemensSeq%_gre_field_mapping",
	"ConsistencyInfo": "N4_VE11C_LATEST_20160120",
	"PercentPhaseFOV": 100,
	"PhaseEncodingSteps": 78,
	"AcquisitionMatrixPE": 78,
	"ReconMatrixPE": 78,
	"PixelBandwidth": 1525,
	"DwellTime": 4.2e-06,
	"PhaseEncodingDirection": "j-",
	"ImageOrientationPatientDICOM": [
		0.978665,
		-0.196854,
		0.0588552,
		0.138762,
		0.844505,
		0.517258	],
	"InPlanePhaseEncodingDirectionDICOM": "COL",
	"ConversionSoftware": "dcm2niix",
	"ConversionSoftwareVersion": "v1.0.20171215 (OpenJPEG build) GCC7.3.0"
}
